GEM
  remote: http://rubygems.org/
  specs:
    activesupport (3.0.0)
    archive-tar-minitar (0.5.2)
    columnize (0.3.4)
    configatron (2.8.2)
      yamler (>= 0.1.0)
    cover_me (1.1.1)
      configatron
      hashie
    diff-lcs (1.1.2)
    git (1.2.5)
    hashie (1.1.0)
    jeweler (1.6.4)
      bundler (~> 1.0)
      git (>= 1.2.5)
      rake
    jpmobile (1.0.1)
    linecache (0.46)
      rbx-require-relative (> 0.0.4)
    linecache19 (0.5.12)
      ruby_core_source (>= 0.1.4)
    rake (0.9.2)
    rbx-require-relative (0.0.5)
    rspec (2.3.0)
      rspec-core (~> 2.3.0)
      rspec-expectations (~> 2.3.0)
      rspec-mocks (~> 2.3.0)
    rspec-core (2.3.1)
    rspec-expectations (2.3.0)
      diff-lcs (~> 1.1.2)
    rspec-mocks (2.3.0)
    ruby-debug (0.10.4)
      columnize (>= 0.1)
      ruby-debug-base (~> 0.10.4.0)
    ruby-debug-base (0.10.4)
      linecache (>= 0.3)
    ruby-debug-base19 (0.11.25)
      columnize (>= 0.3.1)
      linecache19 (>= 0.5.11)
      ruby_core_source (>= 0.1.4)
    ruby-debug19 (0.11.6)
      columnize (>= 0.3.1)
      linecache19 (>= 0.5.11)
      ruby-debug-base19 (>= 0.11.19)
    ruby_core_source (0.1.5)
      archive-tar-minitar (>= 0.5.2)
    yamler (0.1.0)

PLATFORMS
  ruby

DEPENDENCIES
  activesupport (>= 3.0.0)
  bundler (~> 1.0.0)
  cover_me
  jeweler (~> 1.6.4)
  jpmobile (>= 1.0.0)
  rspec (~> 2.3.0)
  ruby-debug
  ruby-debug19
